GEM
  remote: https://rubygems.org/
  specs:
    CFPropertyList (3.0.0)
    atomos (0.1.3)
    claide (1.0.2)
    colored (1.2)
    colored2 (3.1.2)
    highline (2.0.2)
    mail (2.7.1)
      mini_mime (>= 0.1.1)
    mini_mime (1.0.2)
    nanaimo (0.2.6)
    org-ruby (0.9.12)
      rubypants (~> 0.2)
    rubypants (0.7.0)
    slim (4.0.1)
      temple (>= 0.7.6, < 0.9)
      tilt (>= 2.0.6, < 2.1)
    temple (0.8.1)
    tilt (2.0.9)
    tty-screen (0.7.0)
    xcodeproj (1.11.0)
      CFPropertyList (>= 2.3.3, < 4.0)
      atomos (~> 0.1.3)
      claide (>= 1.0.2, < 2.0)
      colored2 (~> 3.1)
      nanaimo (~> 0.2.6)

PLATFORMS
  ruby

DEPENDENCIES
  colored
  highline
  mail
  org-ruby
  slim
  tty-screen
  xcodeproj

BUNDLED WITH
   2.0.2
