GEM
  remote: https://rubygems.org/
  specs:
    CFPropertyList (3.0.0)
    ast (2.4.0)
    atomos (0.1.3)
    claide (1.0.2)
    coderay (1.1.2)
    colored (1.2)
    colored2 (3.1.2)
    dogapi (1.36.0)
      multi_json
    highline (2.0.2)
    jaro_winkler (1.5.3)
    mail (2.7.1)
      mini_mime (>= 0.1.1)
    method_source (0.9.2)
    mini_mime (1.0.2)
    multi_json (1.13.1)
    nanaimo (0.2.6)
    org-ruby (0.9.12)
      rubypants (~> 0.2)
    parallel (1.17.0)
    parser (2.6.3.0)
      ast (~> 2.4.0)
    pry (0.12.2)
      coderay (~> 1.1.0)
      method_source (~> 0.9.0)
    rainbow (3.0.0)
    rubocop (0.73.0)
      jaro_winkler (~> 1.5.1)
      parallel (~> 1.10)
      parser (>= 2.6)
      rainbow (>= 2.2.2, < 4.0)
      ruby-progressbar (~> 1.7)
      unicode-display_width (>= 1.4.0, < 1.7)
    ruby-progressbar (1.10.1)
    rubypants (0.7.0)
    slim (4.0.1)
      temple (>= 0.7.6, < 0.9)
      tilt (>= 2.0.6, < 2.1)
    temple (0.8.1)
    tilt (2.0.9)
    tty-screen (0.7.0)
    unicode-display_width (1.6.0)
    xcodeproj (1.11.0)
      CFPropertyList (>= 2.3.3, < 4.0)
      atomos (~> 0.1.3)
      claide (>= 1.0.2, < 2.0)
      colored2 (~> 3.1)
      nanaimo (~> 0.2.6)

PLATFORMS
  ruby

DEPENDENCIES
  colored
  dogapi
  highline
  mail
  org-ruby
  pry
  rubocop
  slim
  tty-screen
  xcodeproj

BUNDLED WITH
   2.0.2
